GEM
  remote: https://rubygems.org/
  specs:
    activesupport (5.2.3)
      concurrent-ruby (~> 1.0, >= 1.0.2)
      i18n (>= 0.7, < 2)
      minitest (~> 5.1)
      tzinfo (~> 1.1)
    addressable (2.6.0)
      public_suffix (>= 2.0.2, < 4.0)
    builder (3.2.3)
    capybara (2.5.0)
      mime-types (>= 1.16)
      nokogiri (>= 1.3.3)
      rack (>= 1.0.0)
      rack-test (>= 0.5.4)
      xpath (~> 2.0)
    childprocess (1.0.1)
      rake (< 13.0)
    colorator (1.1.0)
    concurrent-ruby (1.1.5)
    cucumber (2.0.2)
      builder (>= 2.1.2)
      cucumber-core (~> 1.2.0)
      diff-lcs (>= 1.1.3)
      gherkin (~> 2.12)
      multi_json (>= 1.7.5, < 2.0)
      multi_test (>= 0.1.2)
    cucumber-core (1.2.0)
      gherkin (~> 2.12.0)
    daemons (1.3.1)
    diff-lcs (1.3)
    domain_name (0.5.20190701)
      unf (>= 0.0.5, < 1.0.0)
    em-websocket (0.5.1)
      eventmachine (>= 0.12.9)
      http_parser.rb (~> 0.6.0)
    ethon (0.12.0)
      ffi (>= 1.3.0)
    eventmachine (1.2.7)
    fastimage (1.8.1)
      addressable (~> 2.3, >= 2.3.5)
    ffi (1.11.1)
    forwardable-extended (2.6.0)
    gherkin (2.12.2)
      multi_json (~> 1.3)
    hike (1.2.3)
    html-proofer (3.11.1)
      activesupport (>= 4.2, < 6.0)
      addressable (~> 2.3)
      mercenary (~> 0.3.2)
      nokogiri (~> 1.9)
      parallel (~> 1.3)
      rainbow (~> 3.0)
      typhoeus (~> 1.3)
      yell (~> 2.0)
    http-cookie (1.0.3)
      domain_name (~> 0.5)
    http_parser.rb (0.6.0)
    i18n (0.9.5)
      concurrent-ruby (~> 1.0)
    jekyll (3.8.6)
      addressable (~> 2.4)
      colorator (~> 1.0)
      em-websocket (~> 0.5)
      i18n (~> 0.7)
      jekyll-sass-converter (~> 1.0)
      jekyll-watch (~> 2.0)
      kramdown (~> 1.14)
      liquid (~> 4.0)
      mercenary (~> 0.3.3)
      pathutil (~> 0.9)
      rouge (>= 1.7, < 4)
      safe_yaml (~> 1.0)
    jekyll-assets (1.0.0)
      fastimage (~> 1.6)
      jekyll (>= 2)
      mini_magick (~> 4.1)
      sass (~> 3.2)
      sprockets (~> 2.10)
      sprockets-helpers
      sprockets-sass
    jekyll-sass-converter (1.5.2)
      sass (~> 3.4)
    jekyll-sitemap (1.3.1)
      jekyll (>= 3.7, < 5.0)
    jekyll-watch (2.2.1)
      listen (~> 3.0)
    json (2.2.0)
    kramdown (1.17.0)
    liquid (4.0.3)
    listen (3.1.5)
      rb-fsevent (~> 0.9, >= 0.9.4)
      rb-inotify (~> 0.9, >= 0.9.7)
      ruby_dep (~> 1.2)
    mercenary (0.3.6)
    mime-types (3.2.2)
      mime-types-data (~> 3.2015)
    mime-types-data (3.2019.0331)
    mimic (0.4.4)
      json
      plist (~> 3.1.0)
      rack
      sinatra
      thin
    mini_magick (4.9.5)
    mini_portile2 (2.8.0)
    minitest (5.11.3)
    multi_json (1.13.1)
    multi_test (0.1.2)
    netrc (0.11.0)
    nokogiri (1.13.3)
      mini_portile2 (~> 2.8.0)
      racc (~> 1.4)
    parallel (1.17.0)
    pathutil (0.16.2)
      forwardable-extended (~> 2.6)
    plist (3.1.0)
    public_suffix (3.1.1)
    racc (1.6.0)
    rack (1.6.11)
    rack-protection (1.5.5)
      rack
    rack-test (1.1.0)
      rack (>= 1.0, < 3)
    rainbow (3.0.0)
    rake (12.3.3)
    rb-fsevent (0.10.3)
    rb-inotify (0.10.0)
      ffi (~> 1.0)
    rest-client (2.0.2)
      http-cookie (>= 1.0.2, < 2.0)
      mime-types (>= 1.16, < 4.0)
      netrc (~> 0.8)
    rouge (3.8.0)
    rspec (3.3.0)
      rspec-core (~> 3.3.0)
      rspec-expectations (~> 3.3.0)
      rspec-mocks (~> 3.3.0)
    rspec-core (3.3.2)
      rspec-support (~> 3.3.0)
    rspec-expectations (3.3.1)
      diff-lcs (>= 1.2.0, < 2.0)
      rspec-support (~> 3.3.0)
    rspec-mocks (3.3.2)
      diff-lcs (>= 1.2.0, < 2.0)
      rspec-support (~> 3.3.0)
    rspec-support (3.3.0)
    ruby_dep (1.5.0)
    rubyzip (1.2.3)
    safe_yaml (1.0.5)
    sass (3.7.4)
      sass-listen (~> 4.0.0)
    sass-listen (4.0.0)
      rb-fsevent (~> 0.9, >= 0.9.4)
      rb-inotify (~> 0.9, >= 0.9.7)
    selenium-webdriver (3.142.3)
      childprocess (>= 0.5, < 2.0)
      rubyzip (~> 1.2, >= 1.2.2)
    sinatra (1.4.8)
      rack (~> 1.5)
      rack-protection (~> 1.4)
      tilt (>= 1.3, < 3)
    sprockets (2.12.5)
      hike (~> 1.2)
      multi_json (~> 1.0)
      rack (~> 1.0)
      tilt (~> 1.1, != 1.3.0)
    sprockets-helpers (1.2.1)
      sprockets (>= 2.2)
    sprockets-sass (1.3.1)
      sprockets (~> 2.0)
      tilt (~> 1.1)
    thin (1.7.2)
      daemons (~> 1.0, >= 1.0.9)
      eventmachine (~> 1.0, >= 1.0.4)
      rack (>= 1, < 3)
    thread_safe (0.3.6)
    tilt (1.4.1)
    typhoeus (1.3.1)
      ethon (>= 0.9.0)
    tzinfo (1.2.5)
      thread_safe (~> 0.1)
    unf (0.1.4)
      unf_ext
    unf_ext (0.0.7.6)
    xpath (2.1.0)
      nokogiri (~> 1.3)
    yell (2.2.0)

PLATFORMS
  ruby

DEPENDENCIES
  capybara (~> 2.5.0)
  cucumber (~> 2.0.2)
  html-proofer
  jekyll
  jekyll-assets (~> 1.0.0)
  jekyll-sitemap
  mimic (~> 0.4.3)
  rest-client
  rspec (~> 3.3.0)
  selenium-webdriver

BUNDLED WITH
   1.17.2
